GIT
  remote: git@github.com:piersholt/log_actually.git
  revision: e73172dfc7cad2e11dda2885f03eed2c9e0f67d1
  branch: master
  specs:
    log_actually (1.0.0.beta1)

GIT
  remote: git@github.com:piersholt/yabber.git
  revision: 9e8cdc74a03ec2953e263ec456a5f1ea6f7ab00c
  branch: master
  specs:
    yabber (1.0.0.beta1)
      log_actually (~> 1.0.0.beta1)
      rbczmq (= 1.7.9)

GEM
  remote: https://rubygems.org/
  specs:
    awesome_print (1.8.0)
    byebug (10.0.2)
    coderay (1.1.2)
    diff-lcs (1.3)
    method_source (0.9.0)
    pry (0.11.3)
      coderay (~> 1.1.0)
      method_source (~> 0.9.0)
    pry-byebug (3.6.0)
      byebug (~> 10.0)
      pry (~> 0.10)
    rbczmq (1.7.9)
    rspec (3.7.0)
      rspec-core (~> 3.7.0)
      rspec-expectations (~> 3.7.0)
      rspec-mocks (~> 3.7.0)
    rspec-core (3.7.1)
      rspec-support (~> 3.7.0)
    rspec-expectations (3.7.0)
      diff-lcs (>= 1.2.0, < 2.0)
      rspec-support (~> 3.7.0)
    rspec-mocks (3.7.0)
      diff-lcs (>= 1.2.0, < 2.0)
      rspec-support (~> 3.7.0)
    rspec-support (3.7.1)
    serialport (1.3.1)

PLATFORMS
  ruby

DEPENDENCIES
  awesome_print
  log_actually!
  pry-byebug
  rbczmq
  rspec
  serialport
  yabber!

RUBY VERSION
   ruby 2.4.0p0

BUNDLED WITH
   1.16.2
